PATH
  remote: .
  specs:
    liquid (2.5.1)

GEM
  remote: http://rubygems.org/
  specs:
    rake (10.0.4)

PLATFORMS
  ruby

DEPENDENCIES
  liquid!
  rake
